GEM
  remote: https://rubygems.org/
  specs:
    addressable (2.6.0)
      public_suffix (>= 2.0.2, < 4.0)
    autoprefixer-rails (9.5.1.1)
      execjs
    breakpoint (2.4.6)
      sass (~> 3.3.0)
      sassy-maps (< 1.0.0)
    chunky_png (1.3.11)
    compass (1.0.3)
      chunky_png (~> 1.2)
      compass-core (~> 1.0.2)
      compass-import-once (~> 1.0.5)
      rb-fsevent (>= 0.9.3)
      rb-inotify (>= 0.9)
      sass (>= 3.3.13, < 3.5)
    compass-core (1.0.3)
      multi_json (~> 1.0)
      sass (>= 3.3.0, < 3.5)
    compass-import-once (1.0.5)
      sass (>= 3.2, < 3.5)
    compass-rgbapng (0.2.1)
      chunky_png (>= 0.8.0)
      compass (>= 0.10.0)
    compass-validator (3.0.1)
    css_parser (1.7.0)
      addressable
    execjs (2.7.0)
    ffi (1.11.1)
    font-awesome-sass (5.6.1)
      sassc (>= 1.11)
    multi_json (1.13.1)
    oily_png (1.2.1)
      chunky_png (~> 1.3.7)
    public_suffix (3.0.3)
    rake (12.3.2)
    rb-fsevent (0.10.3)
    rb-inotify (0.10.0)
      ffi (~> 1.0)
    sass (3.3.14)
    sass-globbing (1.1.5)
      sass (>= 3.1)
    sassc (2.0.1)
      ffi (~> 1.9)
      rake
    sassy-maps (0.4.0)
      sass (~> 3.3)
    singularitygs (1.2.3)
      breakpoint (~> 2.4)
      sass (~> 3.3.0)
    susy (2.1.3)
      sass (>= 3.3.0, < 3.5)
    toolkit (2.10.2)
      sass (~> 3.3)

PLATFORMS
  ruby

DEPENDENCIES
  autoprefixer-rails
  breakpoint (~> 2.4.2)
  compass
  compass-rgbapng
  compass-validator
  css_parser
  font-awesome-sass
  oily_png
  sass (~> 3.3.8)
  sass-globbing (~> 1.1.1)
  singularitygs (~> 1.2.1)
  susy (~> 2.1.2)
  toolkit

BUNDLED WITH
   1.17.2
